GEM
  remote: https://rubygems.org/
  specs:
    activesupport (3.2.11)
      i18n (~> 0.6)
      multi_json (~> 1.0)
    ap (0.1.1)
      httparty (>= 0.7.7)
    awesome_print (1.1.0)
    colorize (0.5.8)
    columnize (0.3.6)
    debugger (1.3.0)
      columnize (>= 0.3.1)
      debugger-linecache (~> 1.1.1)
      debugger-ruby_core_source (~> 1.1.7)
    debugger-linecache (1.1.2)
      debugger-ruby_core_source (>= 1.1.1)
    debugger-ruby_core_source (1.1.7)
    httparty (0.10.2)
      multi_json (~> 1.0)
      multi_xml (>= 0.5.2)
    i18n (0.6.1)
    letters (0.3.1)
      activesupport
      awesome_print
      colorize
      debugger
      xml-simple
    multi_json (1.5.0)
    multi_xml (0.5.2)
    murmurhash3 (0.1.3)
    trollop (2.0)
    xml-simple (1.1.2)

PLATFORMS
  ruby

DEPENDENCIES
  ap
  letters
  murmurhash3
  trollop
